GEM
  remote: http://rubygems.org/
  specs:
    addressable (2.2.6)
    capistrano (2.9.0)
      highline
      net-scp (>= 1.0.0)
      net-sftp (>= 2.0.0)
      net-ssh (>= 2.0.14)
      net-ssh-gateway (>= 1.1.0)
    daemons (1.1.4)
    em-websocket (0.3.5)
      addressable (>= 2.1.1)
      eventmachine (>= 0.12.9)
    eventmachine (0.12.10)
    highline (1.6.2)
    http_parser.rb (0.5.3)
    macaddr (1.4.0)
      systemu (~> 2.2.0)
    mysql2 (0.3.7)
    net-ldap (0.2.2)
    net-scp (1.0.4)
      net-ssh (>= 1.99.1)
    net-sftp (2.0.5)
      net-ssh (>= 2.0.9)
    net-ssh (2.2.1)
    net-ssh-gateway (1.1.0)
      net-ssh (>= 1.99.1)
    rack (1.3.5)
    rack-protection (1.1.4)
      rack
    rack-webauth (0.1.3)
      rack
    railsless-deploy (1.0.2)
    rake (0.9.2.2)
    redis (2.2.2)
    shotgun (0.9)
      rack (>= 1.0)
    sinatra (1.3.1)
      rack (~> 1.3, >= 1.3.4)
      rack-protection (~> 1.1, >= 1.1.2)
      tilt (~> 1.3, >= 1.3.3)
    systemu (2.2.0)
    tilt (1.3.3)
    uuid (2.3.4)
      macaddr (~> 1.0)

PLATFORMS
  ruby

DEPENDENCIES
  addressable (>= 2.1.1)
  capistrano
  daemons
  em-websocket
  eventmachine
  http_parser.rb
  mysql2
  net-ldap
  rack-webauth
  railsless-deploy
  rake
  redis
  shotgun
  sinatra
  uuid
